GEM
  specs:
    clipboard (1.0.5)
    coderay (1.1.0)
    colorize (0.7.3)
    git (1.2.8)
    method_source (0.8.2)
    pry (0.10.1)
      coderay (~> 1.1.0)
      method_source (~> 0.8.1)
      slop (~> 3.4)
    slop (3.6.0)
    thor (0.19.1)

PLATFORMS
  ruby

DEPENDENCIES
  clipboard
  colorize
  git
  pry
  slop
  thor
